GEM
  remote: http://rubygems.org/
  specs:
    actionpack (2.3.2)
      activesupport (= 2.3.2)
    activesupport (2.3.2)
    awesome_print (1.1.0)
    cobravsmongoose (0.0.2)
    domain_name (0.5.7)
      unf (~> 0.0.3)
    json (1.7.6)
    mechanize (2.5.1)
      domain_name (~> 0.5, >= 0.5.1)
      mime-types (~> 1.17, >= 1.17.2)
      net-http-digest_auth (~> 1.1, >= 1.1.1)
      net-http-persistent (~> 2.5, >= 2.5.2)
      nokogiri (~> 1.4)
      ntlm-http (~> 0.1, >= 0.1.1)
      webrobots (~> 0.0, >= 0.0.9)
    mime-types (1.19)
    net-http-digest_auth (1.2.1)
    net-http-persistent (2.8)
    nokogiri (1.5.6)
    ntlm-http (0.1.1)
    rack (1.5.0)
    rack-protection (1.3.2)
      rack
    require_all (1.2.1)
    ruby-hackernews (1.3.3)
      mechanize (>= 1.0.0)
      require_all (>= 1.1.0)
    sinatra (1.3.4)
      rack (~> 1.4)
      rack-protection (~> 1.3)
      tilt (~> 1.3, >= 1.3.3)
    tilt (1.3.3)
    unf (0.0.5)
      unf_ext
    unf_ext (0.0.5)
    webrobots (0.0.13)

PLATFORMS
  ruby

DEPENDENCIES
  actionpack
  awesome_print
  cobravsmongoose
  json
  mechanize
  require_all
  ruby-hackernews
  sinatra
