GEM
  remote: http://rubygems.org/
  specs:
    cobravsmongoose (0.0.2)
    json (1.5.4)
    mechanize (2.0.1)
      net-http-digest_auth (>= 1.1.1, ~> 1.1)
      net-http-persistent (~> 1.8)
      nokogiri (~> 1.4)
      webrobots (>= 0.0.9, ~> 0.0)
    memcached (1.3)
    net-http-digest_auth (1.1.1)
    net-http-persistent (1.9)
    nokogiri (1.4.4)
    rack (1.3.2)
    require_all (1.2.0)
    ruby-hackernews (1.1.1)
      mechanize (>= 1.0.0)
      require_all (>= 1.1.0)
    sinatra (1.2.6)
      rack (~> 1.1)
      tilt (< 2.0, >= 1.2.2)
    tilt (1.3.3)
    webrobots (0.0.11)
      nokogiri (>= 1.4.4)

PLATFORMS
  ruby

DEPENDENCIES
  cobravsmongoose
  json
  mechanize
  memcached
  require_all
  ruby-hackernews
  sinatra
